GEM
  remote: https://rubygems.org/
  specs:
    coderay (1.1.3)
    drydock (0.6.9)
    method_source (1.0.0)
    pry (0.14.1)
      coderay (~> 1.1)
      method_source (~> 1.0)
    pry-doc (1.1.0)
      pry (~> 0.11)
      yard (~> 0.9.11)
    rake (13.0.6)
    storable (0.8.9)
    sysinfo (0.8.1)
      drydock
      storable
    tryouts (2.1.1)
      sysinfo (>= 0.7.3)
    yard (0.9.26)

PLATFORMS
  universal-darwin-20

DEPENDENCIES
  pry
  pry-doc
  rake (>= 13.0.6)
  tryouts

BUNDLED WITH
   2.2.21
