GEM
  remote: https://rubygems.org/
  specs:
    ast (2.4.2)
    byebug (11.1.3)
    coderay (1.1.3)
    drydock (0.6.9)
    json (2.6.3)
    method_source (1.0.0)
    parallel (1.23.0)
    parser (3.2.2.0)
      ast (~> 2.4.1)
    pry (0.14.1)
      coderay (~> 1.1)
      method_source (~> 1.0)
    pry-doc (1.1.0)
      pry (~> 0.11)
      yard (~> 0.9.11)
    rainbow (3.1.1)
    rake (13.0.6)
    regexp_parser (2.8.0)
    rexml (3.2.5)
    rubocop (1.50.2)
      json (~> 2.3)
      parallel (~> 1.10)
      parser (>= 3.2.0.0)
      rainbow (>= 2.2.2, < 4.0)
      regexp_parser (>= 1.8, < 3.0)
      rexml (>= 3.2.5, < 4.0)
      rubocop-ast (>= 1.28.0, < 2.0)
      ruby-progressbar (~> 1.7)
      unicode-display_width (>= 2.4.0, < 3.0)
    rubocop-ast (1.28.0)
      parser (>= 3.2.1.0)
    ruby-progressbar (1.13.0)
    storable (0.8.9)
    sysinfo (0.8.1)
      drydock
      storable
    tryouts (2.1.1)
      sysinfo (>= 0.7.3)
    unicode-display_width (2.4.2)
    yard (0.9.26)

PLATFORMS
  arm64-darwin-22
  universal-darwin-20

DEPENDENCIES
  byebug
  pry
  pry-doc
  rake (>= 13.0.6)
  rubocop
  tryouts

BUNDLED WITH
   2.4.12
