GEM
  remote: https://rubygems.org/
  specs:
    ast (2.4.2)
    byebug (11.1.3)
    coderay (1.1.3)
    drydock (0.6.9)
    json (2.7.1)
    language_server-protocol (3.17.0.3)
    method_source (1.0.0)
    parallel (1.24.0)
    parser (3.3.0.5)
      ast (~> 2.4.1)
      racc
    pry (0.14.2)
      coderay (~> 1.1)
      method_source (~> 1.0)
    pry-doc (1.5.0)
      pry (~> 0.11)
      yard (~> 0.9.11)
    racc (1.7.3)
    rainbow (3.1.1)
    regexp_parser (2.9.0)
    rexml (3.2.6)
    rubocop (1.62.1)
      json (~> 2.3)
      language_server-protocol (>= 3.17.0)
      parallel (~> 1.10)
      parser (>= 3.3.0.2)
      rainbow (>= 2.2.2, < 4.0)
      regexp_parser (>= 1.8, < 3.0)
      rexml (>= 3.2.5, < 4.0)
      rubocop-ast (>= 1.31.1, < 2.0)
      ruby-progressbar (~> 1.7)
      unicode-display_width (>= 2.4.0, < 3.0)
    rubocop-ast (1.31.2)
      parser (>= 3.3.0.4)
    ruby-progressbar (1.13.0)
    storable (0.10.pre.RC1)
    sysinfo (0.9.0.pre.RC1)
      drydock (< 1.0)
      storable (= 0.10.pre.RC1)
    tryouts (2.2.0.pre.RC1)
      sysinfo (= 0.9.0.pre.RC1)
    unicode-display_width (2.5.0)
    yard (0.9.36)

PLATFORMS
  arm64-darwin-23
  ruby

DEPENDENCIES
  byebug
  pry
  pry-doc
  rubocop
  tryouts (= 2.2.0.pre.RC1)

RUBY VERSION
   ruby 3.1.4p223

BUNDLED WITH
   2.5.7
